GEM
  remote: https://rubygems.org/
  specs:
    exifr (1.3.9)

PLATFORMS
  ruby

DEPENDENCIES
  exifr

BUNDLED WITH
   2.1.4
